GEM
  remote: https://rubygems.org/
  specs:
    addressable (2.8.0)
      public_suffix (>= 2.0.2, < 5.0)
    down (5.2.4)
      addressable (~> 2.8)
    httparty (0.19.0)
      mime-types (~> 3.0)
      multi_xml (>= 0.5.2)
    mime-types (3.3.1)
      mime-types-data (~> 3.2015)
    mime-types-data (3.2021.0901)
    multi_xml (0.6.0)
    public_suffix (4.0.6)
    smarter_csv (1.2.8)

PLATFORMS
  ruby

DEPENDENCIES
  down (~> 5.0)
  httparty
  smarter_csv

RUBY VERSION
   ruby 2.6.3p62

BUNDLED WITH
   1.17.2
